GEM
  remote: https://rubygems.org/
  specs:
    artifactory (3.0.15)
    highline (2.0.3)
    ipaddress (0.8.3)
    slop (4.8.1)

PLATFORMS
  java
  ruby

DEPENDENCIES
  artifactory (~> 3.0.5)
  highline
  ipaddress
  slop

BUNDLED WITH
   2.1.4
