GEM
  remote: https://rubygems.org/
  specs:
    artifactory (3.0.15)
    ipaddress (0.8.3)
    net-scp (3.0.0)
      net-ssh (>= 2.6.5, < 7.0.0)
    net-ssh (6.1.0)
    slop (4.8.1)
    sshkit (1.21.0)
      net-scp (>= 1.1.2)
      net-ssh (>= 2.8.0)

PLATFORMS
  java
  ruby

DEPENDENCIES
  artifactory (~> 3.0.5)
  ipaddress
  slop
  sshkit

BUNDLED WITH
   2.1.4
